GEM
  remote: http://rubygems.org/
  specs:
    byebug (8.2.5)
    chunky_png (1.3.7)

PLATFORMS
  x86-mingw32

DEPENDENCIES
  byebug
  chunky_png

BUNDLED WITH
   1.11.2
